GEM
  remote: https://rubygems.org/
  specs:
    rack (2.0.4)

PLATFORMS
  ruby
  x64-mingw32

DEPENDENCIES
  rack

BUNDLED WITH
   1.16.1
